GEM
  remote: http://rubygems.org/
  specs:
    celluloid (0.16.0)
      timers (~> 4.0.0)
    docker-api (1.21.0)
      excon (>= 0.38.0)
      json
    excon (0.45.1)
    haml (4.0.6)
      tilt
    hashie (3.4.0)
    hitimes (1.2.2)
    json (1.8.2)
    rack (1.6.0)
    rack-protection (1.5.3)
      rack
    sinatra (1.4.6)
      rack (~> 1.4)
      rack-protection (~> 1.4)
      tilt (>= 1.3, < 3)
    sucker_punch (1.4.0)
      celluloid (~> 0.16.0)
    tilt (2.0.1)
    timers (4.0.1)
      hitimes

PLATFORMS
  ruby

DEPENDENCIES
  docker-api
  haml
  hashie
  sinatra
  sucker_punch (~> 1.0)
