GIT
  remote: https://github.com/swipely/docker-api
  revision: 45235b2e61442453ed05c700fb8bf57a7836318a
  specs:
    docker-api (1.34.2)
      excon (>= 0.47.0)
      multi_json

GEM
  remote: http://rubygems.org/
  specs:
    celluloid (0.17.3)
      celluloid-essentials
      celluloid-extras
      celluloid-fsm
      celluloid-pool
      celluloid-supervision
      timers (>= 4.1.1)
    celluloid-essentials (0.20.5)
      timers (>= 4.1.1)
    celluloid-extras (0.20.5)
      timers (>= 4.1.1)
    celluloid-fsm (0.20.5)
      timers (>= 4.1.1)
    celluloid-pool (0.20.5)
      timers (>= 4.1.1)
    celluloid-supervision (0.20.6)
      timers (>= 4.1.1)
    excon (0.72.0)
    ffi (1.9.18)
    haml (5.0.1)
      temple (>= 0.8.0)
      tilt
    hashie (4.1.0)
    hitimes (1.2.5)
    listen (3.1.5)
      rb-fsevent (~> 0.9, >= 0.9.4)
      rb-inotify (~> 0.9, >= 0.9.7)
      ruby_dep (~> 1.2)
    multi_json (1.14.1)
    mustermann (1.1.1)
      ruby2_keywords (~> 0.0.1)
    nio4r (2.5.2)
    puma (4.3.3)
      nio4r (~> 2.0)
    rack (2.2.2)
    rack-protection (2.0.8.1)
      rack
    rake (13.0.1)
    rb-fsevent (0.10.2)
    rb-inotify (0.9.10)
      ffi (>= 0.5.0, < 2)
    rerun (0.11.0)
      listen (~> 3.0)
    ruby2_keywords (0.0.2)
    ruby_dep (1.5.0)
    sinatra (2.0.8.1)
      mustermann (~> 1.0)
      rack (~> 2.0)
      rack-protection (= 2.0.8.1)
      tilt (~> 2.0)
    sucker_punch (1.6.0)
      celluloid (~> 0.17.2)
    temple (0.8.0)
    tilt (2.0.10)
    timers (4.1.2)
      hitimes

PLATFORMS
  ruby

DEPENDENCIES
  docker-api!
  haml
  hashie
  puma
  rake
  rerun
  sinatra
  sucker_punch (~> 1.0)

BUNDLED WITH
   2.1.4
